GEM
  remote: https://rubygems.org/
  specs:
    dotenv (2.0.1)
    foreman (0.78.0)
      thor (~> 0.19.1)
    httpclient (2.6.0.1)
    json (1.8.2)
    multi_json (1.11.0)
    puma (2.11.2)
      rack (>= 1.1, < 2.0)
    pusher (0.14.4)
      httpclient (~> 2.5)
      multi_json (~> 1.0)
      signature (~> 0.1.8)
    rack (1.6.0)
    rack-protection (1.5.3)
      rack
    signature (0.1.8)
    sinatra (1.4.6)
      rack (~> 1.4)
      rack-protection (~> 1.4)
      tilt (>= 1.3, < 3)
    thor (0.19.1)
    tilt (1.4.1)

PLATFORMS
  ruby

DEPENDENCIES
  dotenv
  foreman
  json
  puma
  pusher
  sinatra
